GEM
  remote: https://rubygems.org/
  specs:
    bson (1.11.1)
    bson_ext (1.11.1)
      bson (~> 1.11.1)
    daemons (1.1.9)
    eventmachine (1.0.3)
    mime-types (2.4.3)
    mongo (1.11.1)
      bson (= 1.11.1)
    rack (1.5.2)
    rack-gridfs (0.4.1)
      mime-types
      mongo (~> 1.2)
      rack
    rack-protection (1.5.3)
      rack
    rack-test (0.6.2)
      rack (>= 1.0)
    racksh (1.0.0)
      rack (>= 1.0)
      rack-test (>= 0.5)
    redcarpet (3.2.0)
    sinatra (1.4.5)
      rack (~> 1.4)
      rack-protection (~> 1.4)
      tilt (~> 1.3, >= 1.3.4)
    thin (1.6.3)
      daemons (~> 1.0, >= 1.0.9)
      eventmachine (~> 1.0)
      rack (~> 1.0)
    tilt (1.4.1)

PLATFORMS
  ruby

DEPENDENCIES
  bson_ext
  mongo
  rack-gridfs
  racksh
  redcarpet
  sinatra
  thin
